GEM
  remote: https://rubygems.org/
  specs:
    diff-lcs (1.2.5)
    eventmachine (1.0.3-x86-mingw32)
    faye-websocket (0.4.7)
      eventmachine (>= 0.12.0)
    insensitive_hash (0.3.3)
    libfchat (1.8)
      faye-websocket (~> 0.4.6)
      multi_json (~> 1.3.6)
    multi_json (1.3.7)
    rake (10.2.2)
    rspec (2.14.1)
      rspec-core (~> 2.14.0)
      rspec-expectations (~> 2.14.0)
      rspec-mocks (~> 2.14.0)
    rspec-core (2.14.8)
    rspec-expectations (2.14.5)
      diff-lcs (>= 1.1.3, < 2.0)
    rspec-mocks (2.14.6)

PLATFORMS
  x86-mingw32

DEPENDENCIES
  insensitive_hash
  libfchat
  rake
  rspec
